NUGET
  remote: https://www.nuget.org/api/v2
    FAKE (4.25.5)
    FSharp.Core (4.0.0.1)
    FSharp.Data (2.3)
      Zlib.Portable (>= 1.11) - framework: >= netstandard11, portable-net45+sl5+win8, portable-net45+win8, portable-net45+win8+wp8+wpa81
    FsUnit (2.3.2)
      FSharp.Core (>= 3.1.2.5)
      NUnit (3.5)
    Newtonsoft.Json (8.0.3)
    Newtonsoft.Json.FSharp (3.2.2)
      FSharp.Core (>= 3.1.2.1)
      Newtonsoft.Json (>= 6.0.8)
      NodaTime (>= 1.3)
    NodaTime (1.3.2)
    NUnit (3.5)
    Suave (1.1.2)
      FSharp.Core (>= 3.1.2.5)
    Zlib.Portable (1.11) - framework: >= netstandard11, portable-net45+sl5+win8, portable-net45+win8, portable-net45+win8+wp8+wpa81
GITHUB
  remote: fsprojects/Chessie
    src/Chessie/ErrorHandling.fs (f0237b5d23da6dbc33d8aab59c8be947f6878dfb)