NUGET
  remote: https://www.nuget.org/api/v2
  specs:
    FAKE (4.25.5)
    FSharp.Core (4.0.0.1)
    Newtonsoft.Json (8.0.3)
    Newtonsoft.Json.FSharp (3.2.2)
      FSharp.Core (>= 3.1.2.1)
      Newtonsoft.Json (>= 6.0.8)
      NodaTime (>= 1.3)
    NodaTime (1.3.2)
    Suave (1.1.2)
      FSharp.Core (>= 3.1.2.5)
